GIT
  remote: https://github.com/thefrontside/okapi.rb.git
  revision: a9eabdc42b538bc648586e78465184cbf2da3a60
  specs:
    okapi (1.0.1)
      clamp (~> 1.1)
      highline (~> 1.7)

PATH
  remote: scripts/okubi
  specs:
    okubi (0.1.0)
      clamp
      configatron
      dnsimple
      dotenv
      hashugar
      kubeclient
      multi_json
      net-ping
      pastel
      psych
      require_all
      ssl-test
      tilt
      tty-command
      tty-prompt
      tty-spinner

GEM
  remote: https://rubygems.org/
  specs:
    addressable (2.5.2)
      public_suffix (>= 2.0.2, < 4.0)
    clamp (1.1.2)
    configatron (4.5.1)
    dnsimple (4.3.0)
      httparty
    domain_name (0.5.20170404)
      unf (>= 0.0.5, < 1.0.0)
    dotenv (2.2.1)
    equatable (0.5.0)
    hashugar (1.0.1)
    highline (1.7.8)
    hitimes (1.2.6)
    http (0.9.8)
      addressable (~> 2.3)
      http-cookie (~> 1.0)
      http-form_data (~> 1.0.1)
      http_parser.rb (~> 0.6.0)
    http-cookie (1.0.3)
      domain_name (~> 0.5)
    http-form_data (1.0.3)
    http_parser.rb (0.6.0)
    httparty (0.15.6)
      multi_xml (>= 0.5.2)
    kubeclient (2.5.1)
      http (= 0.9.8)
      recursive-open-struct (= 1.0.0)
      rest-client
    mime-types (3.1)
      mime-types-data (~> 3.2015)
    mime-types-data (3.2016.0521)
    multi_json (1.12.2)
    multi_xml (0.6.0)
    necromancer (0.4.0)
    net-ping (2.0.2)
    netrc (0.11.0)
    pastel (0.7.1)
      equatable (~> 0.5.0)
      tty-color (~> 0.4.0)
    psych (2.2.4)
    public_suffix (3.0.0)
    recursive-open-struct (1.0.0)
    require_all (1.4.0)
    rest-client (2.0.2)
      http-cookie (>= 1.0.2, < 2.0)
      mime-types (>= 1.16, < 4.0)
      netrc (~> 0.8)
    ssl-test (1.1.0)
    tilt (2.0.8)
    timers (4.1.2)
      hitimes
    tty-color (0.4.2)
    tty-command (0.6.0)
      pastel (~> 0.7.0)
    tty-cursor (0.5.0)
    tty-prompt (0.13.2)
      necromancer (~> 0.4.0)
      pastel (~> 0.7.0)
      timers (~> 4.1.2)
      tty-cursor (~> 0.5.0)
      tty-reader (~> 0.1.0)
    tty-reader (0.1.0)
      wisper (~> 2.0.0)
    tty-spinner (0.7.0)
      tty-cursor (>= 0.5.0)
    unf (0.1.4)
      unf_ext
    unf_ext (0.0.7.4)
    wisper (2.0.0)

PLATFORMS
  ruby

DEPENDENCIES
  okapi!
  okubi!

RUBY VERSION
   ruby 2.4.2p198

BUNDLED WITH
   1.16.0.pre.3
